GIT
  remote: git://github.com/mitchellh/vagrant.git
  revision: 7e400d00a3c5a0fdf2809c8b5001a035415a607b
  tag: v1.2.2
  specs:
    vagrant (1.2.2)
      childprocess (~> 0.3.7)
      erubis (~> 2.7.0)
      i18n (~> 0.6.0)
      json (>= 1.5.1, < 1.8.0)
      log4r (~> 1.1.9)
      net-scp (~> 1.1.0)
      net-ssh (~> 2.6.6)

GEM
  remote: http://rubygems.org/
  specs:
    Platform (0.4.0)
    activesupport (3.2.12)
      i18n (~> 0.6)
      multi_json (~> 1.0)
    airbrake (3.1.12)
      activesupport
      builder
      json
    api_smith (1.2.0)
      hashie (~> 1.0)
      httparty
      net-http-persistent
    builder (3.2.2)
    cape (1.7.0)
    capistrano (2.15.4)
      highline
      net-scp (>= 1.0.0)
      net-sftp (>= 2.0.0)
      net-ssh (>= 2.0.14)
      net-ssh-gateway (>= 1.1.0)
    capistrano_colors (0.5.5)
    childprocess (0.3.9)
      ffi (~> 1.0, >= 1.0.11)
    erubis (2.7.0)
    ffi (1.9.0)
    hashie (1.2.0)
    highline (1.6.19)
    hiredis (0.4.5)
    httparty (0.11.0)
      multi_json (~> 1.0)
      multi_xml (>= 0.5.2)
    i18n (0.6.4)
    json (1.7.7)
    log4r (1.1.10)
    mono_logger (1.1.0)
    multi_json (1.7.7)
    multi_xml (0.5.4)
    net-http-persistent (2.8)
    net-scp (1.1.1)
      net-ssh (>= 2.6.5)
    net-sftp (2.1.2)
      net-ssh (>= 2.6.5)
    net-ssh (2.6.7)
    net-ssh-gateway (1.2.0)
      net-ssh (>= 2.6.5)
    newrelic_rpm (3.6.4.122)
    open4 (1.3.0)
    popen4 (0.1.2)
      Platform (>= 0.4.0)
      open4 (>= 0.4.0)
    rack (1.5.2)
    rack-protection (1.5.0)
      rack
    rake (10.0.4)
    redis (3.0.4)
    redis-namespace (1.3.0)
      redis (~> 3.0.0)
    resque (1.24.1)
      mono_logger (~> 1.0)
      multi_json (~> 1.0)
      redis-namespace (~> 1.2)
      sinatra (>= 0.9.2)
      vegas (~> 0.1.2)
    rvm-capistrano (1.3.1)
      capistrano (>= 2.0.0)
    sahara (0.0.15)
      popen4 (~> 0.1.2)
      thor (> 0.14)
    sinatra (1.4.3)
      rack (~> 1.4)
      rack-protection (~> 1.4)
      tilt (~> 1.3, >= 1.3.4)
    thor (0.18.1)
    tilt (1.4.1)
    vegas (0.1.11)
      rack (>= 1.0.0)

PLATFORMS
  ruby

DEPENDENCIES
  airbrake (~> 3.1.6)
  api_smith (= 1.2.0)
  cape
  capistrano
  capistrano_colors
  hiredis (~> 0.4.5)
  log4r (= 1.1.10)
  newrelic_rpm
  rake
  redis (= 3.0.4)
  resque (= 1.24.1)
  rvm-capistrano
  sahara (= 0.0.15)
  vagrant!
