GIT
  remote: git://github.com/avokhmin/redis-rb.git
  revision: 2d24ae5b3a177202cc54562b07e89f5fecb78a98
  branch: 735-reconnect-on-timeout-error
  specs:
    redis (3.0.2)

GIT
  remote: git://github.com/avokhmin/sahara.git
  revision: f26b169779681b8a7fd1b76eadc29a140810354e
  branch: update-to-vagrant-1.1.0
  specs:
    sahara (0.0.13)
      popen4 (~> 0.1.2)
      thor (> 0.14)
      vagrant (~> 1.0)

GIT
  remote: git://github.com/warpc/vagrant.git
  revision: 6b123590e18611bfe9bfbfe7e1c537aeb305c596
  branch: abf-worker
  specs:
    vagrant (1.1.0.dev)
      archive-tar-minitar (= 0.5.2)
      childprocess (~> 0.3.1)
      erubis (~> 2.7.0)
      i18n (~> 0.6.0)
      json (~> 1.6.6)
      log4r (~> 1.1.9)
      net-scp (~> 1.0.4)
      net-ssh (~> 2.2.2)

GEM
  remote: http://rubygems.org/
  specs:
    Platform (0.4.0)
    activesupport (3.2.12)
      i18n (~> 0.6)
      multi_json (~> 1.0)
    airbrake (3.1.12)
      activesupport
      builder
      json
    api_smith (1.2.0)
      hashie (~> 1.0)
      httparty
      net-http-persistent
    archive-tar-minitar (0.5.2)
    builder (3.2.2)
    cape (1.7.0)
    capistrano (2.15.4)
      highline
      net-scp (>= 1.0.0)
      net-sftp (>= 2.0.0)
      net-ssh (>= 2.0.14)
      net-ssh-gateway (>= 1.1.0)
    capistrano_colors (0.5.5)
    childprocess (0.3.9)
      ffi (~> 1.0, >= 1.0.11)
    diff-lcs (1.2.4)
    erubis (2.7.0)
    ffi (1.9.0)
    hashie (1.2.0)
    highline (1.6.19)
    httparty (0.11.0)
      multi_json (~> 1.0)
      multi_xml (>= 0.5.2)
    i18n (0.6.4)
    json (1.6.8)
    log4r (1.1.10)
    mock_redis (0.7.0)
    mono_logger (1.1.0)
    multi_json (1.7.7)
    multi_xml (0.5.4)
    net-http-persistent (2.8)
    net-scp (1.0.4)
      net-ssh (>= 1.99.1)
    net-sftp (2.0.5)
      net-ssh (>= 2.0.9)
    net-ssh (2.2.2)
    net-ssh-gateway (1.1.0)
      net-ssh (>= 1.99.1)
    newrelic_rpm (3.6.4.122)
    open4 (1.3.0)
    popen4 (0.1.2)
      Platform (>= 0.4.0)
      open4 (>= 0.4.0)
    rack (1.5.2)
    rack-protection (1.5.0)
      rack
    rake (10.1.0)
    redis-namespace (1.3.0)
      redis (~> 3.0.0)
    resque (1.24.1)
      mono_logger (~> 1.0)
      multi_json (~> 1.0)
      redis-namespace (~> 1.2)
      sinatra (>= 0.9.2)
      vegas (~> 0.1.2)
    rr (1.1.1)
    rspec (2.13.0)
      rspec-core (~> 2.13.0)
      rspec-expectations (~> 2.13.0)
      rspec-mocks (~> 2.13.0)
    rspec-core (2.13.1)
    rspec-expectations (2.13.0)
      diff-lcs (>= 1.1.3, < 2.0)
    rspec-mocks (2.13.1)
    rvm-capistrano (1.3.1)
      capistrano (>= 2.0.0)
    shoulda (3.5.0)
      shoulda-context (~> 1.0, >= 1.0.1)
      shoulda-matchers (>= 1.4.1, < 3.0)
    shoulda-context (1.1.2)
    shoulda-matchers (2.2.0)
      activesupport (>= 3.0.0)
    sinatra (1.4.3)
      rack (~> 1.4)
      rack-protection (~> 1.4)
      tilt (~> 1.3, >= 1.3.4)
    thor (0.18.1)
    tilt (1.4.1)
    vegas (0.1.11)
      rack (>= 1.0.0)

PLATFORMS
  ruby

DEPENDENCIES
  airbrake (~> 3.1.6)
  api_smith (= 1.2.0)
  cape
  capistrano
  capistrano_colors
  log4r (= 1.1.10)
  mock_redis
  newrelic_rpm
  rake
  redis!
  resque (= 1.24.1)
  rr
  rspec
  rvm-capistrano
  sahara!
  shoulda
  vagrant!
